GEM
  remote: https://rubygems.org/
  specs:
    line-bot-api (1.28.0)

PLATFORMS
  arm64-darwin-21

DEPENDENCIES
  line-bot-api

BUNDLED WITH
   2.3.22
